GEM
  remote: https://rubygems.org/
  specs:
    activemodel (5.0.0.1)
      activesupport (= 5.0.0.1)
    activesupport (5.0.0.1)
      concurrent-ruby (~> 1.0, >= 1.0.2)
      i18n (~> 0.7)
      minitest (~> 5.1)
      tzinfo (~> 1.1)
    concurrent-ruby (1.0.2)
    diff-lcs (1.2.5)
    dry-configurable (0.1.7)
      concurrent-ruby (~> 1.0)
    dry-container (0.5.0)
      concurrent-ruby (~> 1.0)
      dry-configurable (~> 0.1, >= 0.1.3)
    dry-equalizer (0.2.0)
    dry-logic (0.3.0)
      dry-container (~> 0.2, >= 0.2.6)
      dry-equalizer (~> 0.2)
    dry-monads (0.1.1)
      dry-equalizer
    dry-types (0.8.1)
      concurrent-ruby (~> 1.0)
      dry-configurable (~> 0.1)
      dry-container (~> 0.3)
      dry-equalizer (~> 0.2)
      dry-logic (~> 0.3, >= 0.3.0)
      dry-monads (>= 0.0.1)
      ice_nine (~> 0.11)
      inflecto (~> 0.0.0, >= 0.0.2)
    dry-validation (0.9.5)
      concurrent-ruby (~> 1.0)
      dry-configurable (~> 0.1, >= 0.1.3)
      dry-container (~> 0.2, >= 0.2.8)
      dry-equalizer (~> 0.2)
      dry-logic (~> 0.3, >= 0.3.0)
      dry-types (~> 0.8, >= 0.8.1)
    i18n (0.7.0)
    ice_nine (0.11.2)
    inflecto (0.0.2)
    minitest (5.9.0)
    rspec (3.5.0)
      rspec-core (~> 3.5.0)
      rspec-expectations (~> 3.5.0)
      rspec-mocks (~> 3.5.0)
    rspec-core (3.5.2)
      rspec-support (~> 3.5.0)
    rspec-expectations (3.5.0)
      diff-lcs (>= 1.2.0, < 2.0)
      rspec-support (~> 3.5.0)
    rspec-mocks (3.5.0)
      diff-lcs (>= 1.2.0, < 2.0)
      rspec-support (~> 3.5.0)
    rspec-support (3.5.0)
    thread_safe (0.3.5)
    tzinfo (1.2.2)
      thread_safe (~> 0.1)

PLATFORMS
  ruby

DEPENDENCIES
  activemodel
  dry-validation
  rspec

BUNDLED WITH
   1.12.5
